PATH
  remote: .
  specs:
    standalone-ruby (1.3.1)

GEM
  remote: https://rubygems.org/
  specs:
    rake (13.2.1)

PLATFORMS
  x64-mingw-ucrt

DEPENDENCIES
  rake (~> 13.0)
  standalone-ruby!

BUNDLED WITH
   2.6.2
