PATH
  remote: .
  specs:
    standalone-ruby (1.5.1)

GEM
  remote: https://rubygems.org/
  specs:

PLATFORMS
  x64-mingw-ucrt

DEPENDENCIES
  standalone-ruby!

BUNDLED WITH
   2.6.2
