PATH
  remote: .
  specs:
    standalone-ruby (1.5.3)

GEM
  remote: https://rubygems.org/
  specs:

PLATFORMS
  x64-mingw-ucrt
  x86_64-linux-gnu

DEPENDENCIES
  standalone-ruby!

BUNDLED WITH
   2.6.7
